PATH
  remote: .
  specs:
    resque-sliders (0.2.3)
      resque (>= 1.15.0, < 2.0)

GEM
  remote: https://rubygems.org/
  specs:
    json (1.7.5)
    minitest (4.1.0)
    multi_json (1.3.6)
    mustermann (1.0.3)
    rack (2.0.8)
    rack-protection (2.0.7)
      rack
    rake (0.9.2.2)
    redis (3.0.2)
    redis-namespace (1.2.1)
      redis (~> 3.0.0)
    resque (1.23.0)
      multi_json (~> 1.0)
      redis-namespace (~> 1.0)
      sinatra (>= 0.9.2)
      vegas (~> 0.1.2)
    shotgun (0.9)
      rack (>= 1.0)
    sinatra (2.0.7)
      mustermann (~> 1.0)
      rack (~> 2.0)
      rack-protection (= 2.0.7)
      tilt (~> 2.0)
    tilt (2.0.10)
    vegas (0.1.11)
      rack (>= 1.0.0)

PLATFORMS
  ruby

DEPENDENCIES
  json
  minitest
  rake
  resque (>= 1.15.0, < 2.0)
  resque-sliders!
  shotgun
